GEM
  remote: https://rubygems.org/
  specs:
    childprocess (0.7.1)
      ffi (~> 1.0, >= 1.0.11)
    coinbase (4.1.0)
    dotenv (2.2.1)
    ffi (1.9.18)
    multi_json (1.12.1)
    paypal-sdk-rest (1.6.0)
      multi_json (~> 1.0)
      xml-simple
    rubyzip (1.2.1)
    selenium-webdriver (3.5.0)
      childprocess (~> 0.5)
      rubyzip (~> 1.0)
    xml-simple (1.1.5)

PLATFORMS
  ruby

DEPENDENCIES
  coinbase
  dotenv
  paypal-sdk-rest
  selenium-webdriver

BUNDLED WITH
   1.15.3
